PATH
  remote: .
  specs:
    activerecord-pg_deferrable (0.1.0)
      activerecord (>= 4.1.0)
      pg

GEM
  remote: https://rubygems.org/
  specs:
    activemodel (6.0.0.rc1)
      activesupport (= 6.0.0.rc1)
    activerecord (6.0.0.rc1)
      activemodel (= 6.0.0.rc1)
      activesupport (= 6.0.0.rc1)
    activesupport (6.0.0.rc1)
      concurrent-ruby (~> 1.0, >= 1.0.2)
      i18n (>= 0.7, < 2)
      minitest (~> 5.1)
      tzinfo (~> 1.1)
      zeitwerk (~> 2.1, >= 2.1.4)
    ansi (1.5.0)
    appraisal (2.2.0)
      bundler
      rake
      thor (>= 0.14.0)
    builder (3.2.3)
    coderay (1.1.2)
    concurrent-ruby (1.1.5)
    docile (1.3.2)
    i18n (1.6.0)
      concurrent-ruby (~> 1.0)
    json (2.3.1)
    method_source (0.9.2)
    minitest (5.11.3)
    minitest-reporters (1.3.6)
      ansi
      builder
      minitest (>= 5.0)
      ruby-progressbar
    pg (1.1.4)
    pry (0.12.2)
      coderay (~> 1.1.0)
      method_source (~> 0.9.0)
    rake (13.0.1)
    ruby-progressbar (1.10.1)
    simplecov (0.17.0)
      docile (~> 1.1)
      json (>= 1.8, < 3)
      simplecov-html (~> 0.10.0)
    simplecov-html (0.10.2)
    thor (0.20.3)
    thread_safe (0.3.6)
    tzinfo (1.2.5)
      thread_safe (~> 0.1)
    zeitwerk (2.1.8)

PLATFORMS
  ruby

DEPENDENCIES
  activerecord-pg_deferrable!
  activesupport
  appraisal
  bundler (~> 1.17)
  minitest (~> 5.0)
  minitest-reporters
  pry
  rake (>= 12.3.3)
  simplecov

BUNDLED WITH
   1.17.3
